GEM
  remote: https://rubygems.org/
  specs:
    better_errors (2.9.1)
      coderay (>= 1.0.0)
      erubi (>= 1.0.0)
      rack (>= 0.9.0)
    binding_of_caller (0.8.0)
      debug_inspector (>= 0.0.1)
    coderay (1.1.3)
    concurrent-ruby (1.1.7)
    debug_inspector (0.0.3)
    erubi (1.9.0)
    et-orbi (1.2.4)
      tzinfo
    fugit (1.4.0)
      et-orbi (~> 1.1, >= 1.1.8)
      raabro (~> 1.4)
    mini_portile2 (2.4.0)
    multi_json (1.15.0)
    mustermann (1.1.1)
      ruby2_keywords (~> 0.0.1)
    nokogiri (1.10.10)
      mini_portile2 (~> 2.4.0)
    raabro (1.4.0)
    rack (2.2.3)
    rack-protection (2.1.0)
      rack
    ruby2_keywords (0.0.2)
    rufus-scheduler (3.6.0)
      fugit (~> 1.1, >= 1.1.6)
    sinatra (2.1.0)
      mustermann (~> 1.0)
      rack (~> 2.2)
      rack-protection (= 2.1.0)
      tilt (~> 2.0)
    sinatra-contrib (2.1.0)
      multi_json
      mustermann (~> 1.0)
      rack-protection (= 2.1.0)
      sinatra (= 2.1.0)
      tilt (~> 2.0)
    tilt (2.0.10)
    tzinfo (2.0.3)
      concurrent-ruby (~> 1.0)

PLATFORMS
  ruby

DEPENDENCIES
  better_errors
  binding_of_caller
  nokogiri
  rufus-scheduler
  sinatra
  sinatra-contrib

BUNDLED WITH
   2.1.4
